PATH
  remote: .
  specs:
    iwf_ruby (0.1.1)

GEM
  remote: https://rubygems.org/
  specs:
    rake (13.0.6)

PLATFORMS
  arm64-darwin-21

DEPENDENCIES
  iwf_ruby!
  rake (~> 13.0)

BUNDLED WITH
   2.3.13
